PATH
  remote: .
  specs:
    personnummer (0.0.6)

GEM
  remote: http://rubygems.org/
  specs:
    configatron (2.8.3)
      yamler (>= 0.1.0)
    cover_me (1.2.0)
      configatron
      hashie
    diff-lcs (1.1.3)
    guard (0.8.4)
      thor (~> 0.14.6)
    guard-bundler (0.1.3)
      bundler (>= 1.0.0)
      guard (>= 0.2.2)
    guard-rspec (0.4.5)
      guard (>= 0.4.0)
    hashie (1.1.0)
    rake (0.9.2.2)
    rspec (2.7.0)
      rspec-core (~> 2.7.0)
      rspec-expectations (~> 2.7.0)
      rspec-mocks (~> 2.7.0)
    rspec-core (2.7.1)
    rspec-expectations (2.7.0)
      diff-lcs (~> 1.1.2)
    rspec-mocks (2.7.0)
    thor (0.14.6)
    timecop (0.3.5)
    yamler (0.1.0)

PLATFORMS
  ruby

DEPENDENCIES
  cover_me
  guard
  guard-bundler
  guard-rspec
  personnummer!
  rake
  rspec
  timecop
