PATH
  remote: .
  specs:
    personnummer (0.0.6)

GEM
  remote: http://rubygems.org/
  specs:
    configatron (2.9.1)
      yamler (>= 0.1.0)
    cover_me (1.2.0)
      configatron
      hashie
    diff-lcs (1.1.3)
    guard (1.3.2)
      listen (>= 0.4.2)
      thor (>= 0.14.6)
    guard-bundler (1.0.0)
      bundler (~> 1.0)
      guard (~> 1.1)
    guard-rspec (1.2.1)
      guard (>= 1.1)
    hashie (1.2.0)
    listen (0.5.0)
    rake (0.9.2.2)
    rspec (2.11.0)
      rspec-core (~> 2.11.0)
      rspec-expectations (~> 2.11.0)
      rspec-mocks (~> 2.11.0)
    rspec-core (2.11.1)
    rspec-expectations (2.11.3)
      diff-lcs (~> 1.1.3)
    rspec-mocks (2.11.2)
    thor (0.16.0)
    timecop (0.4.6)
    yamler (0.1.0)

PLATFORMS
  ruby

DEPENDENCIES
  cover_me
  guard
  guard-bundler
  guard-rspec
  personnummer!
  rake
  rspec
  timecop
